GEM
  remote: https://rubygems.org/
  specs:
    backports (3.6.8)
    debugger-ruby_core_source (1.3.8)
    erubis (2.7.0)
    foreman (0.82.0)
      thor (~> 0.19.1)
    kgio (2.10.0)
    multi_json (1.12.1)
    mysql2 (0.4.4)
    mysql2-cs-bind (0.0.6)
      mysql2
    rack (1.6.4)
    rack-lineprof (0.0.3)
      rack (~> 1.5)
      rblineprof (~> 0.3.6)
      term-ansicolor (~> 1.3)
    rack-protection (1.5.3)
      rack
    rack-test (0.6.3)
      rack (>= 1.0)
    raindrops (0.17.0)
    rblineprof (0.3.7)
      debugger-ruby_core_source (~> 1.3)
    sinatra (1.4.7)
      rack (~> 1.5)
      rack-protection (~> 1.4)
      tilt (>= 1.3, < 3)
    sinatra-contrib (1.4.7)
      backports (>= 2.0)
      multi_json
      rack-protection
      rack-test
      sinatra (~> 1.4.0)
      tilt (>= 1.3, < 3)
    term-ansicolor (1.3.2)
      tins (~> 1.0)
    thor (0.19.1)
    tilt (2.0.5)
    tins (1.12.0)
    unicorn (5.1.0)
      kgio (~> 2.6)
      raindrops (~> 0.7)

PLATFORMS
  ruby

DEPENDENCIES
  erubis
  foreman
  mysql2
  mysql2-cs-bind
  rack-lineprof
  sinatra
  sinatra-contrib
  unicorn

BUNDLED WITH
   1.12.5
